PATH
  remote: .
  specs:
    consul_application_settings (0.0.0)
      diplomat (~> 2.1.3)

GEM
  remote: https://rubygems.org/
  specs:
    ast (2.4.0)
    codecov (0.4.3)
      simplecov (>= 0.15, < 0.22)
    deep_merge (1.2.1)
    diff-lcs (1.3)
    diplomat (2.1.3)
      deep_merge (~> 1.0, >= 1.0.1)
      faraday (~> 0.9)
    docile (1.3.1)
    faraday (0.17.3)
      multipart-post (>= 1.2, < 3)
    jaro_winkler (1.5.2)
    json (2.3.1)
    multipart-post (2.1.1)
    parallel (1.16.2)
    parser (2.6.2.0)
      ast (~> 2.4.0)
    psych (3.1.0)
    rainbow (3.0.0)
    rake (13.0.1)
    rspec (3.8.0)
      rspec-core (~> 3.8.0)
      rspec-expectations (~> 3.8.0)
      rspec-mocks (~> 3.8.0)
    rspec-core (3.8.0)
      rspec-support (~> 3.8.0)
    rspec-expectations (3.8.2)
      diff-lcs (>= 1.2.0, < 2.0)
      rspec-support (~> 3.8.0)
    rspec-mocks (3.8.0)
      diff-lcs (>= 1.2.0, < 2.0)
      rspec-support (~> 3.8.0)
    rspec-support (3.8.0)
    rubocop (0.66.0)
      jaro_winkler (~> 1.5.1)
      parallel (~> 1.10)
      parser (>= 2.5, != 2.5.1.1)
      psych (>= 3.1.0)
      rainbow (>= 2.2.2, < 4.0)
      ruby-progressbar (~> 1.7)
      unicode-display_width (>= 1.4.0, < 1.6)
    rubocop-rspec (1.32.0)
      rubocop (>= 0.60.0)
    ruby-progressbar (1.10.0)
    simplecov (0.16.1)
      docile (~> 1.1)
      json (>= 1.8, < 3)
      simplecov-html (~> 0.10.0)
    simplecov-html (0.10.2)
    unicode-display_width (1.5.0)

PLATFORMS
  ruby

DEPENDENCIES
  bundler (~> 2.0)
  codecov (~> 0.4)
  consul_application_settings!
  rake (~> 13.0)
  rspec (~> 3.0)
  rubocop (~> 0.66)
  rubocop-rspec (~> 1.32.0)
  simplecov (~> 0.16)

BUNDLED WITH
   2.1.2
